GEM
  remote: https://rubygems.org/
  specs:
    ffi (1.15.5)

PLATFORMS
  arm64-darwin-21

DEPENDENCIES
  ffi (~> 1.15)

BUNDLED WITH
   2.3.26
