GEM
  remote: https://rubygems.org/
  specs:
    ffi (1.15.5)

PLATFORMS
  ruby

DEPENDENCIES
  ffi (~> 1.15)

BUNDLED WITH
   1.17.2
